GEM
  remote: http://rubygems.org/
  specs:
    minitest (3.3.0)
    nokogiri (1.5.5)
    sanitize (2.0.3)
      nokogiri (>= 1.4.4, < 1.6)

PLATFORMS
  ruby

DEPENDENCIES
  minitest
  nokogiri
  sanitize
